GEM
  remote: https://rubygems.org/
  specs:
    addressable (2.8.1)
      public_suffix (>= 2.0.2, < 6.0)
    ansi (1.5.0)
    ast (2.4.2)
    capybara (3.38.0)
      addressable
      matrix
      mini_mime (>= 0.1.3)
      nokogiri (~> 1.8)
      rack (>= 1.6.0)
      rack-test (>= 0.6.3)
      regexp_parser (>= 1.5, < 3.0)
      xpath (~> 3.2)
    diff-lcs (1.5.0)
    docile (1.4.0)
    matrix (0.4.2)
    mini_mime (1.1.2)
    mustermann (3.0.0)
      ruby2_keywords (~> 0.0.1)
    nio4r (2.5.8)
    nokogiri (1.13.10-arm64-darwin)
      racc (~> 1.4)
    parallel (1.22.1)
    parser (3.1.3.0)
      ast (~> 2.4.1)
    pg (1.4.5)
    public_suffix (5.0.1)
    puma (6.0.0)
      nio4r (~> 2.0)
    racc (1.6.1)
    rack (2.2.4)
    rack-protection (3.0.4)
      rack
    rack-test (2.0.2)
      rack (>= 1.3)
    rainbow (3.1.1)
    regexp_parser (2.6.1)
    rexml (3.2.5)
    rspec (3.12.0)
      rspec-core (~> 3.12.0)
      rspec-expectations (~> 3.12.0)
      rspec-mocks (~> 3.12.0)
    rspec-core (3.12.0)
      rspec-support (~> 3.12.0)
    rspec-expectations (3.12.0)
      diff-lcs (>= 1.2.0, < 2.0)
      rspec-support (~> 3.12.0)
    rspec-mocks (3.12.1)
      diff-lcs (>= 1.2.0, < 2.0)
      rspec-support (~> 3.12.0)
    rspec-support (3.12.0)
    rubocop (1.20.0)
      parallel (~> 1.10)
      parser (>= 3.0.0.0)
      rainbow (>= 2.2.2, < 4.0)
      regexp_parser (>= 1.8, < 3.0)
      rexml
      rubocop-ast (>= 1.9.1, < 2.0)
      ruby-progressbar (~> 1.7)
      unicode-display_width (>= 1.4.0, < 3.0)
    rubocop-ast (1.24.0)
      parser (>= 3.1.1.0)
    ruby-progressbar (1.11.0)
    ruby2_keywords (0.0.5)
    simplecov (0.21.2)
      docile (~> 1.1)
      simplecov-html (~> 0.11)
      simplecov_json_formatter (~> 0.1)
    simplecov-console (0.9.1)
      ansi
      simplecov
      terminal-table
    simplecov-html (0.12.3)
    simplecov_json_formatter (0.1.4)
    sinatra (3.0.4)
      mustermann (~> 3.0)
      rack (~> 2.2, >= 2.2.4)
      rack-protection (= 3.0.4)
      tilt (~> 2.0)
    sinatra-flash (0.3.0)
      sinatra (>= 1.0.0)
    terminal-table (3.0.2)
      unicode-display_width (>= 1.1.1, < 3)
    tilt (2.0.11)
    unicode-display_width (2.3.0)
    xpath (3.2.0)
      nokogiri (~> 1.8)

PLATFORMS
  arm64-darwin-21

DEPENDENCIES
  capybara
  pg
  puma
  rspec
  rubocop (= 1.20)
  simplecov
  simplecov-console
  sinatra
  sinatra-flash

RUBY VERSION
   ruby 3.0.0p0

BUNDLED WITH
   2.3.26
